PATH
  remote: .
  specs:
    rack-shield (0.1.0)
      rack (~> 2.0)
      redis (~> 4.0)

GEM
  remote: https://rubygems.org/
  specs:
    diff-lcs (1.3)
    mock_redis (0.19.0)
    rack (2.0.7)
    rack-test (1.1.0)
      rack (>= 1.0, < 3)
    rake (10.5.0)
    redis (4.1.1)
    rspec (3.8.0)
      rspec-core (~> 3.8.0)
      rspec-expectations (~> 3.8.0)
      rspec-mocks (~> 3.8.0)
    rspec-core (3.8.0)
      rspec-support (~> 3.8.0)
    rspec-expectations (3.8.3)
      diff-lcs (>= 1.2.0, < 2.0)
      rspec-support (~> 3.8.0)
    rspec-its (1.3.0)
      rspec-core (>= 3.0.0)
      rspec-expectations (>= 3.0.0)
    rspec-mocks (3.8.0)
      diff-lcs (>= 1.2.0, < 2.0)
      rspec-support (~> 3.8.0)
    rspec-support (3.8.0)
    timecop (0.8.1)

PLATFORMS
  ruby

DEPENDENCIES
  bundler (~> 2.0)
  mock_redis (~> 0.2)
  rack-shield!
  rack-test (~> 1.1)
  rake (~> 10.0)
  rspec (~> 3.0)
  rspec-its (~> 1.3)
  timecop (~> 0.8.1)

BUNDLED WITH
   2.0.1
